GEM
  remote: https://rubygems.org/
  specs:
    minitest (5.4.1)
    require_all (1.3.2)

PLATFORMS
  ruby

DEPENDENCIES
  minitest
  require_all
